GEM
  remote: https://rubygems.org/
  specs:
    faraday (0.12.2)
      multipart-post (>= 1.2, < 3)
    faraday_middleware (0.12.2)
      faraday (>= 0.7.4, < 1.0)
    feedbag (0.9.8)
      nokogiri (~> 1.0)
      open_uri_redirections (~> 0.2)
    feedjira (2.1.2)
      faraday (>= 0.9)
      faraday_middleware (>= 0.9)
      loofah (>= 2.0)
      sax-machine (>= 1.0)
    loofah (2.0.3)
      nokogiri (>= 1.5.9)
    mini_portile2 (2.2.0)
    multipart-post (2.0.0)
    nokogiri (1.8.0)
      mini_portile2 (~> 2.2.0)
    open_uri_redirections (0.2.1)
    sax-machine (1.3.2)

PLATFORMS
  ruby

DEPENDENCIES
  feedbag
  feedjira

BUNDLED WITH
   1.15.3
